PATH
  remote: .
  specs:
    integration (0.1.1)
      rb-gsl (~> 1.2)
      text-table (~> 1.2)

GEM
  remote: https://www.rubygems.org/
  specs:
    diff-lcs (1.2.5)
    narray (0.6.0.9)
    rake (10.3.2)
    rb-gsl (1.16.0.2)
      narray (>= 0.5.9)
    rspec (2.99.0)
      rspec-core (~> 2.99.0)
      rspec-expectations (~> 2.99.0)
      rspec-mocks (~> 2.99.0)
    rspec-core (2.99.1)
    rspec-expectations (2.99.2)
      diff-lcs (>= 1.1.3, < 2.0)
    rspec-mocks (2.99.2)
    text-table (1.2.3)

PLATFORMS
  ruby

DEPENDENCIES
  bundler (~> 1.3)
  integration!
  rake (~> 10)
  rspec (~> 2.0)
